GEM
  remote: https://rubygems.org/
  specs:
    ffi (1.9.3)
    ffi (1.9.3-java)
    rdf (1.1.4.3)
    rdf-raptor (1.2.0)
      ffi (>= 1.9.3)
      rdf (>= 1.1.0)

PLATFORMS
  java
  ruby

DEPENDENCIES
  rdf-raptor
